GEM
  remote: https://rubygems.org/
  specs:
    backports (3.3.5)
    connection_pool (1.2.0)
    json (1.8.1)
    multi_json (1.8.2)
    mysql2 (0.3.14)
    puma (2.7.1)
      rack (>= 1.1, < 2.0)
    rack (1.5.2)
    rack-protection (1.5.1)
      rack
    rack-test (0.6.2)
      rack (>= 1.0)
    sinatra (1.4.4)
      rack (~> 1.4)
      rack-protection (~> 1.4)
      tilt (~> 1.3, >= 1.3.4)
    sinatra-contrib (1.4.2)
      backports (>= 2.0)
      multi_json
      rack-protection
      rack-test
      sinatra (~> 1.4.0)
      tilt (~> 1.3)
    sinatra-respond_to (0.9.0)
      sinatra (~> 1.3)
    tilt (1.4.1)

PLATFORMS
  ruby

DEPENDENCIES
  connection_pool
  json
  mysql2
  puma
  sinatra
  sinatra-contrib
  sinatra-respond_to
